PATH
  remote: .
  specs:
    recode (0.0.1)
      nokogiri (~> 1.6)

GEM
  remote: https://rubygems.org/
  specs:
    awesome_print (1.6.1)
    mini_portile (0.6.2)
    minitest (5.6.1)
    nokogiri (1.6.6.2)
      mini_portile (~> 0.6.0)
    rake (10.4.2)

PLATFORMS
  ruby

DEPENDENCIES
  awesome_print (~> 1.6)
  minitest (~> 5.6)
  rake (~> 10.4)
  recode!
