PATH
  remote: .
  specs:
    recode (0.0.1)

GEM
  remote: https://rubygems.org/
  specs:
    awesome_print (1.6.1)
    minitest (5.6.1)
    rake (10.4.2)

PLATFORMS
  ruby

DEPENDENCIES
  awesome_print
  minitest
  rake
  recode!
